GEM
  remote: https://rubygems.org/
  specs:
    rake (12.3.2)
    sorbet (0.4.4429)
      sorbet-static (= 0.4.4429)
    sorbet-static (0.4.4429-universal-darwin-14)

PLATFORMS
  ruby

DEPENDENCIES
  rake
  sorbet

BUNDLED WITH
   2.0.2
